GEM
  remote: http://rubygems.org/
  specs:
    builder (3.0.0)
    cucumber (0.10.0)
      builder (>= 2.1.2)
      diff-lcs (~> 1.1.2)
      gherkin (~> 2.3.2)
      json (~> 1.4.6)
      term-ansicolor (~> 1.0.5)
    diff-lcs (1.1.2)
    ffi (0.6.3)
      rake (>= 0.8.7)
    gherkin (2.3.2)
      json (~> 1.4.6)
      term-ansicolor (~> 1.0.5)
    json (1.4.6)
    rake (0.8.7)
    redgreen (1.2.2)
    shoe (0.7.1)
      rake (~> 0.8.7)
    term-ansicolor (1.0.5)
    virtualbox (0.7.8)
      ffi (~> 0.6.3)

PLATFORMS
  ruby

DEPENDENCIES
  cucumber
  rake
  redgreen
  shoe
  virtualbox
