PATH
  remote: .
  specs:
    captain (0.4.0)
      rake
      virtualbox

GEM
  remote: http://rubygems.org/
  specs:
    builder (2.1.2)
    cucumber (0.7.2)
      builder (>= 2.1.2)
      diff-lcs (>= 1.1.2)
      gherkin (>= 1.0.24)
      json_pure (>= 1.2.4)
      term-ansicolor (>= 1.0.4)
    diff-lcs (1.1.2)
    ffi (0.6.3)
      rake (>= 0.8.7)
    gherkin (1.0.26)
      trollop (>= 1.15)
    json_pure (1.4.3)
    rake (0.8.7)
    shoe (0.8.0)
      rake (~> 0.8.7)
    term-ansicolor (1.0.5)
    trollop (1.16.2)
    virtualbox (0.8.3)
      ffi (~> 0.6.3)

PLATFORMS
  ruby

DEPENDENCIES
  captain!
  cucumber
  shoe
